PATH
  remote: .
  specs:
    aggressive_normalization_jp (0.1.0)

GEM
  remote: https://rubygems.org/
  specs:
    power_assert (2.0.3)
    rake (13.0.6)
    test-unit (3.5.7)
      power_assert
    unicode (0.4.4.4)

PLATFORMS
  x86_64-linux

DEPENDENCIES
  aggressive_normalization_jp!
  rake (~> 13.0)
  test-unit (~> 3.0)
  unicode (~> 0.4)

BUNDLED WITH
   2.4.1
